GEM
  remote: https://rubygems.org/
  specs:
    backports (2.8.2)
    byebug (10.0.2)
    docile (1.3.1)
    json (2.1.0)
    metaclass (0.0.4)
    mocha (1.5.0)
      metaclass (~> 0.0.1)
    multi_json (1.13.1)
    mustermann (1.0.2)
    mysql2 (0.5.2)
    power_assert (1.1.3)
    rack (2.0.5)
    rack-contrib (2.0.1)
      rack (~> 2.0)
    rack-protection (2.0.2)
      rack
    rdiscount (2.2.0.1)
    rr (1.2.1)
    simplecov (0.16.1)
      docile (~> 1.1)
      json (>= 1.8, < 3)
      simplecov-html (~> 0.10.0)
    simplecov-html (0.10.2)
    sinatra (2.0.2)
      mustermann (~> 1.0)
      rack (~> 2.0)
      rack-protection (= 2.0.2)
      tilt (~> 2.0)
    sinatra-contrib (2.0.2)
      backports (~> 2.8.2)
      multi_json
      mustermann (~> 1.0)
      rack-protection (= 2.0.2)
      sinatra (= 2.0.2)
      tilt (>= 1.3, < 3)
    sinatra-param (1.5.0)
      sinatra (>= 1.3)
    test-unit (3.2.8)
      power_assert
    test-unit-context (0.5.1)
      test-unit (>= 2.4.0)
    test-unit-full (0.0.5)
      test-unit
      test-unit-context
      test-unit-notify
      test-unit-rr
      test-unit-runner-tap
    test-unit-notify (1.0.4)
      test-unit (>= 2.4.9)
    test-unit-rr (1.0.5)
      rr (>= 1.1.1)
      test-unit (>= 2.5.2)
    test-unit-runner-tap (1.1.2)
      test-unit
    tilt (2.0.8)

PLATFORMS
  ruby

DEPENDENCIES
  byebug
  mocha
  mysql2
  rack-contrib
  rdiscount
  simplecov
  sinatra (= 2.0.2)
  sinatra-contrib
  sinatra-param
  test-unit-full

BUNDLED WITH
   1.16.1
